GENERATE-LOAD-SCRIPTS: ON
STORAGE: NONE
RESTRICTION: || (== net472) (== netcoreapp3.0) (== netstandard2.0) (== netstandard2.1)
NUGET
  remote: https://api.nuget.org/v3/index.json
    FSharp.Core (4.7)
    Google.DataTable.Net.Wrapper (4.0)
    Newtonsoft.Json (12.0.3)
    XPlot.GoogleCharts (3.0.1)
      FSharp.Core (>= 4.5.2)
      Google.DataTable.Net.Wrapper (>= 4.0)
      Newtonsoft.Json (>= 12.0.2)
